GEM
  remote: https://rubygems.org/
  specs:
    coderay (1.1.3)
    concurrent-ruby (1.1.8)
    faker (2.17.0)
      i18n (>= 1.6, < 2)
    i18n (1.8.10)
      concurrent-ruby (~> 1.0)
    method_source (1.0.0)
    pry (0.14.0)
      coderay (~> 1.1)
      method_source (~> 1.0)
    sqlite3 (1.4.2)

PLATFORMS
  ruby

DEPENDENCIES
  faker (~> 2.17)
  pry (~> 0.14.0)
  sqlite3 (~> 1.4)

BUNDLED WITH
   2.0.2
